GEM
  remote: https://rubygems.org/
  specs:
    archive-zip (0.10.0)
      io-like (~> 0.3.0)
    cloudwalk (0.9.0)
      bundler
      rake
    cloudwalk_handshake (0.11.0)
    da_funk (0.24.0)
      archive-zip (~> 0.5)
      bundler (~> 1.7)
      cloudwalk_handshake (~> 0.6)
      funky-emv (~> 0.3)
      posxml_parser (~> 0)
      rake (~> 10)
    funky-emv (0.13.0)
      funky-tlv (~> 0.2)
    funky-simplehttp (0.4.4)
    funky-tlv (0.2.3)
    io-like (0.3.0)
    posxml_parser (0.26.0)
      funky-emv (~> 0.3)
    rake (10.5.0)

PLATFORMS
  ruby

DEPENDENCIES
  cloudwalk
  da_funk
  funky-emv
  funky-simplehttp
  funky-tlv
  rake

BUNDLED WITH
   1.15.4
