GEM
  remote: https://rubygems.org/
  specs:
    archive-zip (0.9.0)
      io-like (~> 0.3.0)
    io-like (0.3.0)

PLATFORMS
  ruby

DEPENDENCIES
  archive-zip

BUNDLED WITH
   1.15.1
